PATH
  remote: .
  specs:
    searchlogic (2.5.19)
      activerecord
      activesupport
      rails (~> 2.3.18)

GEM
  remote: https://rubygems.org/
  specs:
    actionmailer (2.3.18.43)
      actionpack (= 2.3.18.43)
    actionpack (2.3.18.43)
      activesupport (= 2.3.18.43)
      rack (< 1.5)
    activerecord (2.3.18.43)
      activesupport (= 2.3.18.43)
    activeresource (2.3.18.43)
      activesupport (= 2.3.18.43)
    activesupport (2.3.18.43)
    appraisal (0.4.1)
      bundler
      rake
    coderay (1.1.0)
    method_source (0.8.2)
    pry (0.9.12.6)
      coderay (~> 1.0)
      method_source (~> 0.8)
      slop (~> 3.4)
    rack (1.4.7)
    rails (2.3.18.43)
      actionmailer (= 2.3.18.43)
      actionpack (= 2.3.18.43)
      activerecord (= 2.3.18.43)
      activeresource (= 2.3.18.43)
      activesupport (= 2.3.18.43)
      railslts-version (= 2.3.18.43)
      railties (= 2.3.18.43)
    railslts-version (2.3.18.43)
    railties (2.3.18.43)
      actionpack (= 2.3.18.43)
      activesupport (= 2.3.18.43)
      rake (>= 0.8.3)
    rake (10.1.1)
    rspec (1.3.2)
    slop (3.4.7)
    sqlite3 (1.3.13)
    timecop (0.5.9.2)

PLATFORMS
  ruby

DEPENDENCIES
  appraisal (= 0.4.1)
  pry
  rake (< 11.0)
  rspec (~> 1.3.1)
  searchlogic!
  sqlite3 (~> 1.3.8)
  timecop (~> 0.5.9.1)

BUNDLED WITH
   2.3.17
