PATH
  remote: .
  specs:
    searchlogic (2.5.19)
      activerecord
      activesupport
      rails (~> 3.2.22.24)

GEM
  remote: https://rubygems.org/
  specs:
    actionmailer (3.2.22.24)
      actionpack (= 3.2.22.24)
      mail (~> 2.5.4)
    actionpack (3.2.22.24)
      activemodel (= 3.2.22.24)
      activesupport (= 3.2.22.24)
      builder (~> 3.0)
      erubis (~> 2.7.0)
      journey (~> 1.0.4)
      rack (~> 1.4.5)
      rack-cache (~> 1.2)
      rack-test (~> 0.6.1)
      sprockets (= 2.2.3)
    activemodel (3.2.22.24)
      activesupport (= 3.2.22.24)
      builder (~> 3.0)
    activerecord (3.2.22.24)
      activemodel (= 3.2.22.24)
      activesupport (= 3.2.22.24)
      arel (~> 3.0.2)
      tzinfo (~> 0.3.29)
    activeresource (3.2.22.24)
      activemodel (= 3.2.22.24)
      activesupport (= 3.2.22.24)
    activesupport (3.2.22.24)
      i18n (~> 0.6, >= 0.6.4)
      multi_json (~> 1.0)
    appraisal (0.4.1)
      bundler
      rake
    arel (3.0.3)
    builder (3.2.4)
    coderay (1.1.3)
    concurrent-ruby (1.1.10)
    erubis (2.7.0)
    hike (1.2.3)
    i18n (0.9.5)
      concurrent-ruby (~> 1.0)
    journey (1.0.4)
    json (1.8.6)
    mail (2.5.5)
      mime-types (~> 1.16)
      treetop (~> 1.4.8)
    method_source (1.0.0)
    mime-types (1.25.1)
    multi_json (1.15.0)
    polyglot (0.3.5)
    pry (0.14.1)
      coderay (~> 1.1)
      method_source (~> 1.0)
    rack (1.4.7)
    rack-cache (1.13.0)
      rack (>= 0.4)
    rack-ssl (1.3.4)
      rack
    rack-test (0.6.3)
      rack (>= 1.0)
    rails (3.2.22.24)
      actionmailer (= 3.2.22.24)
      actionpack (= 3.2.22.24)
      activemodel (= 3.2.22.24)
      activerecord (= 3.2.22.24)
      activeresource (= 3.2.22.24)
      activesupport (= 3.2.22.24)
      bundler (~> 1.0)
      railslts-version (= 3.2.22.24)
      railties (= 3.2.22.24)
    railslts-version (3.2.22.24)
    railties (3.2.22.24)
      actionpack (= 3.2.22.24)
      activesupport (= 3.2.22.24)
      rack-ssl (~> 1.3.2)
      rake (>= 0.8.7)
      rdoc (~> 3.4)
      thor (>= 0.14.6, < 2.0)
    rake (10.5.0)
    rdoc (3.12.2)
      json (~> 1.4)
    rspec (1.3.2)
    sprockets (2.2.3)
      hike (~> 1.2)
      multi_json (~> 1.0)
      rack (~> 1.0)
      tilt (~> 1.1, != 1.3.0)
    sqlite3 (1.4.4)
    thor (1.2.1)
    tilt (1.4.1)
    timecop (0.5.9.2)
    treetop (1.4.15)
      polyglot
      polyglot (>= 0.3.1)
    tzinfo (0.3.60)

PLATFORMS
  ruby

DEPENDENCIES
  appraisal (= 0.4.1)
  pry
  rake (< 11.0)
  rspec (~> 1.3.1)
  searchlogic!
  sqlite3 (~> 1.4.2)
  timecop (~> 0.5.9.1)

BUNDLED WITH
   1.17.3
