PATH
  remote: .
  specs:
    searchlogic (2.5.13)
      activerecord (~> 2.3.12)
      activesupport (~> 2.3.12)

GEM
  remote: https://rubygems.org/
  specs:
    activerecord (2.3.18)
      activesupport (= 2.3.18)
    activesupport (2.3.18)
    appraisal (0.4.1)
      bundler
      rake
    rake (10.0.4)
    rspec (1.3.2)
    sqlite3 (1.3.7)

PLATFORMS
  ruby

DEPENDENCIES
  appraisal (= 0.4.1)
  rspec (~> 1.3.1)
  searchlogic!
  sqlite3
